GIT
  remote: git://github.com/pferdefleisch/guard-uglify.git
  revision: 34238afa4a3f44ddf13462bb29ee512714663cec
  specs:
    guard-uglify (0.2.0)
      guard (>= 0.2.2)
      uglifier

GEM
  remote: https://rubygems.org/
  specs:
    celluloid (0.15.2)
      timers (~> 1.1.0)
    coderay (1.1.0)
    coffee-script (2.2.0)
      coffee-script-source
      execjs
    coffee-script-source (1.6.3)
    execjs (2.0.2)
    ffi (1.9.3)
    formatador (0.2.4)
    guard (2.2.5)
      formatador (>= 0.2.4)
      listen (~> 2.1)
      lumberjack (~> 1.0)
      pry (>= 0.9.12)
      thor (>= 0.18.1)
    guard-coffeescript (1.3.4)
      coffee-script (>= 2.2.0)
      guard (>= 1.1.0)
    guard-concat (0.0.3)
      guard (>= 1.1.0)
    guard-sass (1.4.0)
      guard (>= 1.1.0)
      sass (>= 3.1)
    json (1.8.1)
    listen (2.4.0)
      celluloid (>= 0.15.2)
      rb-fsevent (>= 0.9.3)
      rb-inotify (>= 0.9)
    lumberjack (1.0.4)
    method_source (0.8.2)
    pry (0.9.12.4)
      coderay (~> 1.0)
      method_source (~> 0.8)
      slop (~> 3.4)
    rb-fsevent (0.9.3)
    rb-inotify (0.9.3)
      ffi (>= 0.5.0)
    sass (3.2.13)
    slop (3.4.7)
    thor (0.18.1)
    timers (1.1.0)
    uglifier (2.4.0)
      execjs (>= 0.3.0)
      json (>= 1.8.0)

PLATFORMS
  ruby

DEPENDENCIES
  guard
  guard-coffeescript
  guard-concat
  guard-sass
  guard-uglify!
  uglifier
